PATH
  remote: .
  specs:
    cato (1.0.0)
      CFPropertyList (~> 2.3)
      rake (~> 13.0)

GEM
  remote: https://rubygems.org/
  specs:
    CFPropertyList (2.3.6)
    minitest (5.11.3)
    rake (13.0.6)

PLATFORMS
  ruby

DEPENDENCIES
  bundler (~> 2.0)
  cato!
  minitest (~> 5.0)

BUNDLED WITH
   2.0.2
